GEM
  remote: http://rubygems.org/
  specs:
    eat (0.1.8)
      httpclient
    httpclient (2.3.4.1)
    mini_portile (0.5.3)
    nokogiri (1.6.1)
      mini_portile (~> 0.5.0)
    pandoku (0.9)

PLATFORMS
  ruby

DEPENDENCIES
  eat
  nokogiri
  pandoku
